GEM
  remote: http://rubygems.org/
  specs:
    backports (2.3.0)
    bson (1.8.2)
    bson_ext (1.8.2)
      bson (~> 1.8.2)
    daemons (1.1.6)
    eventmachine (1.0.3)
    json (1.7.7)
    mongo (1.8.2)
      bson (~> 1.8.2)
    rack (1.4.3)
    rack-protection (1.3.2)
      rack
    rack-test (0.6.1)
      rack (>= 1.0)
    rake (10.0.3)
    sinatra (1.3.3)
      rack (~> 1.3, >= 1.3.6)
      rack-protection (~> 1.2)
      tilt (~> 1.3, >= 1.3.3)
    sinatra-contrib (1.3.1)
      backports (>= 2.0)
      eventmachine
      rack-protection
      rack-test
      sinatra (~> 1.3.0)
      tilt (~> 1.3)
    slop (3.4.3)
    thin (1.5.1)
      daemons (>= 1.0.9)
      eventmachine (>= 0.12.6)
      rack (>= 1.0.0)
    tilt (1.3.3)

PLATFORMS
  ruby

DEPENDENCIES
  bson_ext
  json
  mongo
  rake
  sinatra
  sinatra-contrib
  slop
  thin
